GEM
  remote: https://rubygems.org/
  remote: https://rubygems.org/
  specs:
    rack (1.5.2)
    rails_12factor (0.0.2)
      rails_serve_static_assets
      rails_stdout_logging
    rails_serve_static_assets (0.0.2)
    rails_stdout_logging (0.0.3)

PLATFORMS
  x86-mingw32

DEPENDENCIES
  rack
  rails_12factor
